GEM
  specs:
    haml (3.0.25)
    rack (1.2.2)
    ruby-serialport (0.7.0)
    sinatra (1.2.2)
      rack (~> 1.1)
      tilt (>= 1.2.2, < 2.0)
    tilt (1.2.2)

PLATFORMS
  ruby

DEPENDENCIES
  haml
  ruby-serialport
  sinatra
